GEM
  remote: http://rubygems.org/
  specs:
    addressable (2.7.0)
      public_suffix (>= 2.0.2, < 5.0)
    bones (3.8.2)
      little-plugger (~> 1.1)
      loquacious (~> 1.9)
      rake (>= 0.8.7)
      rdoc (~> 3.0)
    diff-lcs (1.3)
    directory_watcher (1.5.1)
    hpricot (0.8.6)
    json (1.8.6)
    launchy (2.4.3)
      addressable (~> 2.3)
    little-plugger (1.1.4)
    logging (2.2.2)
      little-plugger (~> 1.1)
      multi_json (~> 1.10)
    loquacious (1.9.1)
    minitest (2.5.1)
    multi_json (1.14.1)
    public_suffix (4.0.3)
    rake (13.0.1)
    rdiscount (1.6.8)
    rdoc (3.12.2)
      json (~> 1.4)
    rspec (3.9.0)
      rspec-core (~> 3.9.0)
      rspec-expectations (~> 3.9.0)
      rspec-mocks (~> 3.9.0)
    rspec-core (3.9.1)
      rspec-support (~> 3.9.1)
    rspec-expectations (3.9.0)
      diff-lcs (>= 1.2.0, < 2.0)
      rspec-support (~> 3.9.0)
    rspec-mocks (3.9.1)
      diff-lcs (>= 1.2.0, < 2.0)
      rspec-support (~> 3.9.0)
    rspec-support (3.9.2)
    webby (0.9.4)
      bones (>= 2.5.0)
      directory_watcher (>= 1.1.2)
      hpricot (>= 0.6.0)
      launchy (>= 0.3.2)
      logging (>= 0.9.7)
      loquacious (>= 1.3.0)
      rake (>= 0.8.4)
      rspec (>= 1.2.2)

PLATFORMS
  ruby

DEPENDENCIES
  minitest
  rdiscount
  webby (>= 0.9.4)

BUNDLED WITH
   1.17.3
